GIT
  remote: https://github.com/chef/chef_secrets
  revision: 2875f29d82c528edd89cb614955e214f3aa4be0c
  specs:
    veil (0.3.3)
      bcrypt (~> 3.1)
      pbkdf2

PATH
  remote: .
  specs:
    oc-bifrost-pedant (0.0.1)
      activesupport (>= 3.2.8, < 6.2.0)
      mixlib-config (~> 1.1.2)
      net-http-spy (~> 0.2.1)
      rest-client (~> 1.8.0)
      rspec (~> 2.11.0)
      rspec-rerun (= 0.1.1)
      rspec_junit_formatter (~> 0.1.1)

GEM
  remote: https://rubygems.org/
  specs:
    activesupport (6.1.2.1)
      concurrent-ruby (~> 1.0, >= 1.0.2)
      i18n (>= 1.6, < 2)
      minitest (>= 5.1)
      tzinfo (~> 2.0)
      zeitwerk (~> 2.3)
    bcrypt (3.1.15)
    builder (3.2.4)
    concurrent-ruby (1.1.8)
    diff-lcs (1.1.3)
    domain_name (0.5.20190701)
      unf (>= 0.0.5, < 1.0.0)
    http-cookie (1.0.3)
      domain_name (~> 0.5)
    i18n (1.8.8)
      concurrent-ruby (~> 1.0)
    mime-types (2.99.3)
    minitest (5.14.3)
    mixlib-config (1.1.2)
    net-http-spy (0.2.1)
    netrc (0.11.0)
    pbkdf2 (0.1.0)
    rest-client (1.8.0)
      http-cookie (>= 1.0.2, < 2.0)
      mime-types (>= 1.16, < 3.0)
      netrc (~> 0.7)
    rspec (2.11.0)
      rspec-core (~> 2.11.0)
      rspec-expectations (~> 2.11.0)
      rspec-mocks (~> 2.11.0)
    rspec-core (2.11.1)
    rspec-expectations (2.11.3)
      diff-lcs (~> 1.1.3)
    rspec-mocks (2.11.3)
    rspec-rerun (0.1.1)
      rspec (>= 2.11.0)
    rspec_junit_formatter (0.1.6)
      builder
      rspec (~> 2.0)
      rspec-core (!= 2.12.0)
    tzinfo (2.0.4)
      concurrent-ruby (~> 1.0)
    unf (0.1.4)
      unf_ext
    unf_ext (0.0.7.7)
    zeitwerk (2.4.2)

PLATFORMS
  ruby

DEPENDENCIES
  oc-bifrost-pedant!
  veil!

BUNDLED WITH
   1.17.2
